GEM
  remote: https://rubygems.org/
  specs:
    activemodel (4.2.11.3)
      activesupport (= 4.2.11.3)
      builder (~> 3.1)
    activerecord (4.2.11.3)
      activemodel (= 4.2.11.3)
      activesupport (= 4.2.11.3)
      arel (~> 6.0)
    activesupport (4.2.11.3)
      i18n (~> 0.7)
      minitest (~> 5.1)
      thread_safe (~> 0.3, >= 0.3.4)
      tzinfo (~> 1.1)
    arel (6.0.4)
    awesome_print (1.8.0)
    builder (3.2.4)
    concurrent-ruby (1.1.8)
    i18n (0.9.5)
      concurrent-ruby (~> 1.0)
    minitest (5.14.3)
    pg (0.21.0)
    rubyrep (2.0.1)
      activerecord (~> 4.2)
      awesome_print
    thread_safe (0.3.6)
    tzinfo (1.2.10)
      thread_safe (~> 0.1)

PLATFORMS
  ruby

DEPENDENCIES
  pg (~> 0.21.0)
  rubyrep

RUBY VERSION
   ruby 2.6.5p114

BUNDLED WITH
   1.17.2
